GEM
  remote: https://rubygems.org/
  specs:
    concurrent-ruby (1.1.7)
    faker (2.15.1)
      i18n (>= 1.6, < 2)
    i18n (1.8.5)
      concurrent-ruby (~> 1.0)

PLATFORMS
  x86_64-darwin-19

DEPENDENCIES
  faker

BUNDLED WITH
   2.2.3
